GIT
  remote: git://github.com/mitchellh/vagrant.git
  revision: c1c00e2f3cf69c579a5aa6922d67bb838a2de9cd
  tag: v1.8.1
  specs:
    vagrant (1.8.1)
      bundler (>= 1.5.2, <= 1.10.6)
      childprocess (~> 0.5.0)
      erubis (~> 2.7.0)
      hashicorp-checkpoint (~> 0.1.1)
      i18n (>= 0.6.0, <= 0.8.0)
      listen (~> 3.0.2)
      log4r (~> 1.1.9, < 1.1.11)
      net-scp (~> 1.1.0)
      net-sftp (~> 2.1)
      net-ssh (~> 3.0.1)
      nokogiri (= 1.6.3.1)
      rb-kqueue (~> 0.2.0)
      rest-client (>= 1.6.0, < 2.0)
      wdm (~> 0.1.0)
      winrm (~> 1.3)
      winrm-fs (~> 0.2.2)

PATH
  remote: .
  specs:
    vagrant-clone (0.0.1)

GEM
  remote: https://rubygems.org/
  specs:
    abstract_type (0.0.7)
    adamantium (0.2.0)
      ice_nine (~> 0.11.0)
      memoizable (~> 0.4.0)
    ast (2.3.0)
    builder (3.2.3)
    childprocess (0.5.9)
      ffi (~> 1.0, >= 1.0.11)
    concord (0.1.5)
      adamantium (~> 0.2.0)
      equalizer (~> 0.0.9)
    diff-lcs (1.2.5)
    docker-api (1.33.4)
      excon (>= 0.38.0)
      json
    domain_name (0.5.20170404)
      unf (>= 0.0.5, < 1.0.0)
    equalizer (0.0.11)
    erubis (2.7.0)
    excon (0.55.0)
    ffi (1.9.18)
    fog-core (1.44.3)
      builder
      excon (~> 0.49)
      formatador (~> 0.2)
    fog-json (1.0.2)
      fog-core (~> 1.0)
      multi_json (~> 1.10)
    fog-libvirt (0.0.3)
      fog-core (~> 1.27, >= 1.27.4)
      fog-json
      fog-xml (~> 0.1.1)
      json
      ruby-libvirt (>= 0.5.0, < 0.7.0)
    fog-xml (0.1.3)
      fog-core
      nokogiri (>= 1.5.11, < 2.0.0)
    formatador (0.2.5)
    gssapi (1.2.0)
      ffi (>= 1.0.1)
    gyoku (1.3.1)
      builder (>= 2.1.2)
    hashicorp-checkpoint (0.1.4)
    http-cookie (1.0.3)
      domain_name (~> 0.5)
    httpclient (2.8.3)
    i18n (0.8.0)
    ice_nine (0.11.2)
    json (2.1.0)
    listen (3.0.8)
      rb-fsevent (~> 0.9, >= 0.9.4)
      rb-inotify (~> 0.9, >= 0.9.7)
    little-plugger (1.1.4)
    log4r (1.1.10)
    logging (1.8.2)
      little-plugger (>= 1.1.3)
      multi_json (>= 1.8.4)
    memoizable (0.4.2)
      thread_safe (~> 0.3, >= 0.3.1)
    mime-types (2.99.3)
    mini_portile (0.6.0)
    multi_json (1.12.1)
    net-scp (1.1.2)
      net-ssh (>= 2.6.5)
    net-sftp (2.1.2)
      net-ssh (>= 2.6.5)
    net-ssh (3.0.2)
    netrc (0.11.0)
    nokogiri (1.6.3.1)
      mini_portile (= 0.6.0)
    nori (2.6.0)
    parser (2.2.3.0)
      ast (>= 1.1, < 3.0)
    procto (0.0.3)
    rb-fsevent (0.9.8)
    rb-inotify (0.9.8)
      ffi (>= 0.5.0)
    rb-kqueue (0.2.5)
      ffi (>= 0.5.0)
    rest-client (1.8.0)
      http-cookie (>= 1.0.2, < 2.0)
      mime-types (>= 1.16, < 3.0)
      netrc (~> 0.7)
    rspec (3.6.0)
      rspec-core (~> 3.6.0)
      rspec-expectations (~> 3.6.0)
      rspec-mocks (~> 3.6.0)
    rspec-core (3.6.0)
      rspec-support (~> 3.6.0)
    rspec-expectations (3.6.0)
      diff-lcs (>= 1.2.0, < 2.0)
      rspec-support (~> 3.6.0)
    rspec-mocks (3.6.0)
      diff-lcs (>= 1.2.0, < 2.0)
      rspec-support (~> 3.6.0)
    rspec-support (3.6.0)
    ruby-libvirt (0.6.0)
    rubyntlm (0.4.0)
    rubyzip (1.2.1)
    thread_safe (0.3.6)
    unf (0.1.4)
      unf_ext
    unf_ext (0.0.7.4)
    unparser (0.2.4)
      abstract_type (~> 0.0.7)
      adamantium (~> 0.2.0)
      concord (~> 0.1.5)
      diff-lcs (~> 1.2.5)
      equalizer (~> 0.0.9)
      parser (~> 2.2.2)
      procto (~> 0.0.2)
    uuidtools (2.1.5)
    vagrant-libvirt (0.0.35)
      fog-libvirt (= 0.0.3)
      nokogiri (~> 1.6.0)
    vagrant-omnibus (1.5.0)
    wdm (0.1.1)
    winrm (1.3.6)
      builder (>= 2.1.2)
      gssapi (~> 1.2)
      gyoku (~> 1.0)
      httpclient (~> 2.2, >= 2.2.0.2)
      logging (>= 1.6.1, < 3.0)
      nori (~> 2.0)
      rubyntlm (~> 0.4.0)
      uuidtools (~> 2.1.2)
    winrm-fs (0.2.3)
      erubis (~> 2.7)
      logging (~> 1.6, >= 1.6.1)
      rubyzip (~> 1.1)
      winrm (~> 1.3.0)

PLATFORMS
  ruby

DEPENDENCIES
  docker-api (= 1.33.4)
  net-ssh (= 3.0.2)
  rspec (= 3.6.0)
  unparser (= 0.2.4)
  vagrant!
  vagrant-clone!
  vagrant-libvirt (= 0.0.35)
  vagrant-omnibus

BUNDLED WITH
   1.10.6
